GEM
  remote: https://rubygems.org/
  specs:
    syntax (1.0.0)
    syntaxi (0.5.0)
      syntax (= 1.0.0)

PLATFORMS
  ruby

DEPENDENCIES
  syntaxi
